PATH
  remote: .
  specs:
    stairwell (0.1.0)
      zeitwerk (~> 2.4.0)

GEM
  remote: https://rubygems.org/
  specs:
    coderay (1.1.3)
    method_source (1.0.0)
    minitest (5.14.1)
    pry (0.13.1)
      coderay (~> 1.1)
      method_source (~> 1.0)
    rake (12.3.3)
    zeitwerk (2.4.0)

PLATFORMS
  ruby

DEPENDENCIES
  minitest (~> 5.0)
  pry
  rake (~> 12.0)
  stairwell!

BUNDLED WITH
   2.1.4
